GEM
  remote: http://rubygems.org/
  specs:
    nokogiri (1.4.4)
    ruby-hmac (0.4.0)

PLATFORMS
  ruby

DEPENDENCIES
  nokogiri
  ruby-hmac
